PATH
  remote: .
  specs:
    callee (0.1.0)
      dry-initializer (~> 3.0)

GEM
  remote: https://rubygems.org/
  specs:
    dry-initializer (3.0.1)
    minitest (5.11.3)
    rake (10.5.0)

PLATFORMS
  ruby

DEPENDENCIES
  bundler (~> 2.0)
  callee!
  minitest (~> 5.0)
  rake (~> 10.0)

BUNDLED WITH
   2.0.2
