PATH
  remote: .
  specs:
    callee (0.3.5)
      dry-initializer (>= 2.5, < 4.0)

GEM
  remote: https://rubygems.org/
  specs:
    ast (2.4.1)
    coderay (1.1.3)
    docile (1.3.2)
    dry-initializer (3.0.4)
    method_source (1.0.0)
    minitest (5.14.2)
    parallel (1.19.2)
    parser (2.7.1.5)
      ast (~> 2.4.1)
    pry (0.13.1)
      coderay (~> 1.1)
      method_source (~> 1.0)
    rainbow (3.0.0)
    rake (13.0.1)
    rb-readline (0.5.5)
    regexp_parser (1.8.1)
    rexml (3.2.4)
    rubocop (0.92.0)
      parallel (~> 1.10)
      parser (>= 2.7.1.5)
      rainbow (>= 2.2.2, < 4.0)
      regexp_parser (>= 1.7)
      rexml
      rubocop-ast (>= 0.5.0)
      ruby-progressbar (~> 1.7)
      unicode-display_width (>= 1.4.0, < 2.0)
    rubocop-ast (0.7.1)
      parser (>= 2.7.1.5)
    rubocop-performance (1.8.1)
      rubocop (>= 0.87.0)
      rubocop-ast (>= 0.4.0)
    ruby-progressbar (1.10.1)
    simplecov (0.19.0)
      docile (~> 1.1)
      simplecov-html (~> 0.11)
    simplecov-html (0.12.3)
    standard (0.7)
      rubocop (= 0.92)
      rubocop-performance (= 1.8.1)
    unicode-display_width (1.7.0)

PLATFORMS
  ruby

DEPENDENCIES
  bundler (~> 2)
  callee!
  minitest (~> 5)
  pry (~> 0.13)
  rake (~> 13)
  rb-readline (~> 0.5)
  rubocop (~> 0.92)
  simplecov (~> 0.19)
  standard (~> 0.7)

BUNDLED WITH
   2.1.4
